GEM
  remote: https://rubygems.org/
  specs:
    diff-lcs (1.2.5)
    rspec-collection_matchers (1.1.2)
      rspec-expectations (>= 2.99.0.beta1)
    rspec-core (3.0.4)
      rspec-support (~> 3.0.0)
    rspec-expectations (3.0.4)
      diff-lcs (>= 1.2.0, < 2.0)
      rspec-support (~> 3.0.0)
    rspec-mocks (3.0.4)
      rspec-support (~> 3.0.0)
    rspec-support (3.0.4)

PLATFORMS
  ruby

DEPENDENCIES
  rspec-collection_matchers (~> 1.1.2)
  rspec-core (~> 3.0.4)
  rspec-expectations (~> 3.0.4)
  rspec-mocks (~> 3.0.4)
  rspec-support (~> 3.0.4)
